GEM
  remote: http://rubygems.org/
  specs:
    activesupport (3.2.9)
      i18n (~> 0.6)
      multi_json (~> 1.0)
    i18n (0.6.1)
    metaclass (0.0.1)
    mocha (0.12.7)
      metaclass (~> 0.0.1)
    multi_json (1.5.0)
    nokogiri (1.5.5)
    rake (0.9.5)
    ruby-cldr (0.0.2)
      i18n
      nokogiri
      thor
      ya2yaml
    test_declarative (0.0.4)
    thor (0.16.0)
    ya2yaml (0.31)

PLATFORMS
  ruby

DEPENDENCIES
  activesupport
  mocha (~> 0.12.0)
  rake (~> 0.9.0)
  ruby-cldr
  test_declarative
